PATH
  remote: .
  specs:
    depo-cli (0.1.0)
      net-ssh

GEM
  remote: https://rubygems.org/
  specs:
    net-ssh (7.3.0)

PLATFORMS
  arm64-darwin-24
  ruby

DEPENDENCIES
  depo-cli!

BUNDLED WITH
   2.6.3
